GEM
  remote: https://rubygems.org/
  specs:
    cognition (2.0.8)
      httparty (~> 0.8)
      tilt (~> 1.4)
    git-version-bump (0.15.1)
    httparty (0.14.0)
      multi_xml (>= 0.5.2)
    multi_xml (0.5.5)
    rack (1.6.4)
    rack-contrib (1.4.0)
      git-version-bump (~> 0.15)
      rack (~> 1.4)
    rack-protection (1.5.3)
      rack
    sinatra (1.4.6)
      rack (~> 1.4)
      rack-protection (~> 1.4)
      tilt (>= 1.3, < 3)
    tilt (1.4.1)

PLATFORMS
  ruby

DEPENDENCIES
  cognition
  rack-contrib
  sinatra
  tilt (~> 1.4)

BUNDLED WITH
   1.12.5
